GEM
  remote: https://rubygems.org/
  specs:
    rack (2.2.3)
    rack-proxy (0.6.5)
      rack

PLATFORMS
  ruby

DEPENDENCIES
  rack
  rack-proxy

BUNDLED WITH
   2.1.4
